GEM
  remote: https://rubygems.org/
  specs:
    gosu (0.7.45)
    rake (10.0.3)

PLATFORMS
  ruby

DEPENDENCIES
  gosu
  rake
